GEM
  remote: https://rubygems.org/
  specs:
    amq-protocol (2.3.0)
    attr_encrypted (3.1.0)
      encryptor (~> 3.0.0)
    aws-partitions (1.5.0)
    aws-sdk-core (3.0.0.rc1)
      aws-partitions (~> 1.0)
      aws-sigv4 (~> 1.0)
      jmespath (~> 1.0)
    aws-sdk-kms (1.0.0.rc3)
      aws-sdk-core (= 3.0.0.rc1)
      aws-sigv4 (~> 1.0)
    aws-sdk-s3 (1.0.0.rc3)
      aws-sdk-core (= 3.0.0.rc1)
      aws-sdk-kms (= 1.0.0.rc3)
      aws-sigv4 (~> 1.0)
    aws-sigv4 (1.0.0)
    bunny (2.9.2)
      amq-protocol (~> 2.3.0)
    byebug (9.0.6)
    concurrent-ruby (1.1.4)
    dotenv (2.2.0)
    encryptor (3.0.0)
    gene_pool (1.4.1)
      thread_safe
    http-exceptions (0.1.2)
    httparty (0.16.2)
      multi_xml (>= 0.5.2)
    jmespath (1.3.1)
    json (2.0.3)
    multi_xml (0.6.0)
    oanda_api_v20 (2.0.0)
      http-exceptions (~> 0.1)
      httparty (~> 0.13)
      persistent_httparty (~> 0.1)
    persistent_http (1.0.6)
      gene_pool (>= 1.3)
    persistent_httparty (0.1.2)
      httparty (~> 0.9)
      persistent_http (< 2)
    redis (3.3.5)
    serverengine (2.0.7)
      sigdump (~> 0.2.2)
    sigdump (0.2.4)
    sneakers (2.7.0)
      bunny (~> 2.9.2)
      concurrent-ruby (~> 1.0)
      serverengine (~> 2.0.5)
      thor
    thor (0.20.3)
    thread_safe (0.3.6)

PLATFORMS
  ruby

DEPENDENCIES
  attr_encrypted (~> 3.1)
  aws-sdk-s3 (= 1.0.0.rc3)
  bunny (~> 2.9)
  byebug
  dotenv (~> 2.1)
  json (~> 2.0)
  oanda_api_v20 (~> 2.0)
  redis (~> 3.3)
  sneakers (~> 2.7)

RUBY VERSION
   ruby 2.4.5p335

BUNDLED WITH
   1.17.2
